GEM
  remote: https://rubygems.org/
  specs:
    agoo (2.14.2)

PLATFORMS
  x86_64-linux

DEPENDENCIES
  agoo

BUNDLED WITH
   2.2.5
